PATH
  remote: ../metasploit_data_models
  specs:
    metasploit_data_models (0.4.0)
      activerecord (>= 3.2.10)
      activerecord-jdbcpostgresql-adapter
      activesupport
      jdbc-postgres
      pry

GEM
  remote: http://rubygems.org/
  specs:
    activemodel (3.2.11)
      activesupport (= 3.2.11)
      builder (~> 3.0.0)
    activerecord (3.2.11)
      activemodel (= 3.2.11)
      activesupport (= 3.2.11)
      arel (~> 3.0.2)
      tzinfo (~> 0.3.29)
    activerecord-jdbc-adapter (1.2.6)
    activerecord-jdbcpostgresql-adapter (1.2.6)
      activerecord-jdbc-adapter (~> 1.2.6)
      jdbc-postgres (>= 9.1, < 9.3)
    activesupport (3.2.11)
      i18n (~> 0.6)
      multi_json (~> 1.0)
    arel (3.0.2)
    builder (3.0.4)
    coderay (1.0.8)
    diff-lcs (1.1.3)
    i18n (0.6.1)
    jdbc-postgres (9.2.1002.1)
    method_source (0.8.1)
    multi_json (1.0.4)
    pry (0.9.11.4)
      coderay (~> 1.0.5)
      method_source (~> 0.8)
      slop (~> 3.4)
    pry (0.9.11.4-java)
      coderay (~> 1.0.5)
      method_source (~> 0.8)
      slop (~> 3.4)
      spoon (~> 0.0)
    rake (10.0.2)
    redcarpet (2.2.2)
    rspec (2.12.0)
      rspec-core (~> 2.12.0)
      rspec-expectations (~> 2.12.0)
      rspec-mocks (~> 2.12.0)
    rspec-core (2.12.1)
    rspec-expectations (2.12.0)
      diff-lcs (~> 1.1.3)
    rspec-mocks (2.12.0)
    simplecov (0.5.4)
      multi_json (~> 1.0.3)
      simplecov-html (~> 0.5.3)
    simplecov-html (0.5.3)
    slop (3.4.3)
    spoon (0.0.1)
    tzinfo (0.3.35)
    yard (0.8.3)

PLATFORMS
  java
  ruby

DEPENDENCIES
  activesupport (>= 3.0.0)
  metasploit_data_models!
  rake
  redcarpet
  rspec (>= 2.12)
  simplecov (= 0.5.4)
  yard
